GEM
  remote: https://rubygems.org/
  specs:
    bcrypt (3.1.12)
    connection_pool (2.2.2)
    hashids (1.0.5)
    ipaddr (1.2.2)
    mimemagic (0.4.3)
      nokogiri (~> 1)
      rake
    mini_portile2 (2.5.1)
    nio4r (2.5.7)
    nokogiri (1.11.4)
      mini_portile2 (~> 2.5.0)
      racc (~> 1.4)
    openssl (2.1.2)
      ipaddr
    puma (5.3.1)
      nio4r (~> 2.0)
    racc (1.5.2)
    rack (2.0.6)
    rake (13.0.3)
    redcarpet (3.4.0)
    sqlite3 (1.4.1)

PLATFORMS
  ruby

DEPENDENCIES
  bcrypt
  connection_pool
  hashids
  mimemagic
  openssl
  puma
  rack
  redcarpet
  sqlite3

BUNDLED WITH
   2.0.2
